{
	"TaskName": "imagery",
	"Manufacturer": "Compumedics Neuroscan",
	"PowerLineFrequency": 50.0,
	"SamplingFrequency": 200.0,
	"SoftwareFilters": {
		"preprocessing_steps": {
			"Description": "bandpass filtering, downsampling"
		}
	},
	"RecordingDuration": 4759.995,
	"RecordingType": "continuous",
	"EEGReference": "nose",
	"EEGGround": "prefrontal lobe",
	"EEGPlacementScheme": "10-05 system",
	"EEGChannelCount": 60,
	"EOGChannelCount": 0,
	"ECGChannelCount": 0,
	"EMGChannelCount": 0,
	"TriggerChannelCount": 0,
	"ManufacturersModelName": "Neuroscan SynAmps2",
	"HardwareFilters": {
		"Bandpass": {
			"low_cutoff_hz": 0.5,
			"high_cutoff_hz": 50.0
		}
	},
	"TaskDescription": "Simple limb motor imagery (left hand, right hand, feet) and compound limb motor imagery (both hands, left hand combined with right foot, right hand combined with left foot) Trial duration: 8.0s, cue: 1.0s, imagery: 4.0s.",
	"Instructions": "Participants were asked to perform kinesthetic motor imagery rather than a visual type of imagery while avoiding any muscle movement",
	"CogAtlasID": "https://www.cognitiveatlas.org/task/id/trm_4c8a834779883/",
	"InstitutionName": "Tianjin University",
	"InstitutionAddress": "CN",
	"InstitutionalDepartmentName": "Department of Biomedical Engineering",
	"CapManufacturer": "n/a",
	"CapManufacturersModelName": "n/a",
	"SubjectArtefactDescription": "n/a",
	"DeviceSerialNumber": "n/a",
	"Description": "EEG recording.",
	"MISCChannelCount": 0
}