{
	"TaskName": "imagery",
	"Manufacturer": "Brain Products",
	"PowerLineFrequency": 50.0,
	"SamplingFrequency": 250.0,
	"SoftwareFilters": {
		"preprocessing_steps": {
			"Description": "bandpass filtering"
		}
	},
	"RecordingDuration": 386.936,
	"RecordingType": "continuous",
	"EEGReference": "left mastoid",
	"EEGGround": "unknown",
	"EEGPlacementScheme": "custom",
	"EEGChannelCount": 22,
	"EOGChannelCount": 0,
	"ECGChannelCount": 0,
	"EMGChannelCount": 0,
	"TriggerChannelCount": 0,
	"ManufacturersModelName": "BrainAmp MR plus",
	"SoftwareVersions": "BCI2000",
	"CapManufacturer": "EASYCAP GmbH",
	"HardwareFilters": {
		"Bandpass": {
			"low_cutoff_hz": 0.05,
			"high_cutoff_hz": 200.0,
			"Type": "analog"
		}
	},
	"TaskDescription": "Two-class motor imagery (selected from left hand, right hand, and foot) with asynchronous/continuous control periods Trial duration: 4.0s, cue: 4.0s, imagery: 4.0s.",
	"Instructions": "Subjects instructed to perform motor imagery during cued periods",
	"CogAtlasID": "https://www.cognitiveatlas.org/task/id/trm_4c8a834779883/",
	"InstitutionName": "Berlin Institute of Technology",
	"InstitutionAddress": "FR 6-9, Franklinstr. 28/29, 10587 Berlin, Germany",
	"InstitutionalDepartmentName": "Machine Learning Laboratory",
	"CapManufacturersModelName": "n/a",
	"SubjectArtefactDescription": "n/a",
	"DeviceSerialNumber": "n/a",
	"Description": "Review of the BCI competition IV - Data set 1: Asynchronous Motor Imagery",
	"MISCChannelCount": 0
}